PATH
  remote: .
  specs:
    rulers (0.0.2)
      byebug
      erubis
      multi_json
      rack (~> 2.0)

GEM
  remote: https://rubygems.org/
  specs:
    byebug (11.0.1)
    diff-lcs (1.3)
    erubis (2.7.0)
    multi_json (1.13.1)
    power_assert (1.1.4)
    rack (2.2.3)
    rack-test (1.1.0)
      rack (>= 1.0, < 3)
    rake (10.5.0)
    rspec (3.8.0)
      rspec-core (~> 3.8.0)
      rspec-expectations (~> 3.8.0)
      rspec-mocks (~> 3.8.0)
    rspec-core (3.8.1)
      rspec-support (~> 3.8.0)
    rspec-expectations (3.8.4)
      diff-lcs (>= 1.2.0, < 2.0)
      rspec-support (~> 3.8.0)
    rspec-mocks (3.8.1)
      diff-lcs (>= 1.2.0, < 2.0)
      rspec-support (~> 3.8.0)
    rspec-support (3.8.2)
    test-unit (3.3.3)
      power_assert

PLATFORMS
  ruby

DEPENDENCIES
  bundler (~> 1.17)
  rack-test
  rake (~> 10.0)
  rspec (~> 3.0)
  rulers!
  test-unit

BUNDLED WITH
   1.17.3
